GEM
  remote: https://rubygems.org/
  specs:
    clipboard (1.3.3)
    json (2.1.0)
    kramdown (1.17.0)

PLATFORMS
  x64-mingw32

DEPENDENCIES
  clipboard
  json
  kramdown

BUNDLED WITH
   1.16.5
