GEM
  remote: https://rubygems.org/
  specs:
    clipboard (1.3.5)
    ffi (1.14.2)
    ffi (1.14.2-x64-mingw32)
    json (2.5.1)
    kramdown (2.3.0)
      rexml
    listen (3.4.1)
      rb-fsevent (~> 0.10, >= 0.10.3)
      rb-inotify (~> 0.9, >= 0.9.10)
    rb-fsevent (0.10.4)
    rb-inotify (0.10.1)
      ffi (~> 1.0)
    rexml (3.2.5)
    rss (0.2.9)
      rexml

PLATFORMS
  ruby
  x64-mingw32

DEPENDENCIES
  clipboard
  json
  kramdown
  listen
  rss

BUNDLED WITH
   2.1.4
