GEM
  remote: https://rubygems.org/
  specs:
    clipboard (1.3.3)
    ffi (1.12.2)
    ffi (1.12.2-x64-mingw32)
    json (2.3.0)
    kramdown (1.17.0)
    listen (3.2.1)
      rb-fsevent (~> 0.10, >= 0.10.3)
      rb-inotify (~> 0.9, >= 0.9.10)
    rb-fsevent (0.10.3)
    rb-inotify (0.10.1)
      ffi (~> 1.0)

PLATFORMS
  ruby
  x64-mingw32

DEPENDENCIES
  clipboard
  json
  kramdown
  listen

BUNDLED WITH
   1.16.5
